GEM
  remote: https://rubygems.org/
  specs:
    bcrypt (3.1.16)
    coderay (1.1.3)
    jwt (2.2.2)
    mail (2.7.1)
      mini_mime (>= 0.1.1)
    method_source (1.0.0)
    mini_mime (1.0.2)
    nio4r (2.5.4)
    pg (1.2.3)
    pry (0.13.1)
      coderay (~> 1.1)
      method_source (~> 1.0)
    puma (5.0.2)
      nio4r (~> 2.0)
    rack (2.2.3)
    rake (13.0.1)
    roda (3.36.0)
      rack
    rodauth (2.4.0)
      roda (>= 2.6.0)
      sequel (>= 4)
    rubygems-update (3.1.4)
    sequel (5.37.0)
    sequel-seed (1.1.2)
      sequel (>= 4.49.0)
    sequel_pg (1.14.0)
      pg (>= 0.18.0, != 1.2.0)
      sequel (>= 4.38.0)
    sequel_tools (0.1.7)
      sequel

PLATFORMS
  ruby

DEPENDENCIES
  bcrypt
  bundler
  jwt
  mail
  pry
  puma
  rake
  roda
  rodauth
  rubygems-update
  sequel
  sequel-seed
  sequel_pg
  sequel_tools

BUNDLED WITH
   2.1.4
