GIT
  remote: https://github.com/jeremyevans/rodauth.git
  revision: 0c7588152488efc5b030737c17ab687de82ed8f8
  specs:
    rodauth (2.2.0)
      roda (>= 2.6.0)
      sequel (>= 4)

GEM
  remote: https://rubygems.org/
  specs:
    bcrypt (3.1.15)
    coderay (1.1.3)
    database_cleaner (1.8.5)
    database_cleaner-sequel (1.8.0)
      database_cleaner (~> 1.8.0)
      sequel
    diff-lcs (1.4.4)
    jwt (2.2.1)
    mail (2.7.1)
      mini_mime (>= 0.1.1)
    method_source (1.0.0)
    mini_mime (1.0.2)
    pg (1.2.3)
    pry (0.13.1)
      coderay (~> 1.1)
      method_source (~> 1.0)
    rack (2.2.3)
    rack-test (1.1.0)
      rack (>= 1.0, < 3)
    rake (13.0.1)
    roda (3.34.0)
      rack
    rspec (3.9.0)
      rspec-core (~> 3.9.0)
      rspec-expectations (~> 3.9.0)
      rspec-mocks (~> 3.9.0)
    rspec-core (3.9.2)
      rspec-support (~> 3.9.3)
    rspec-expectations (3.9.2)
      diff-lcs (>= 1.2.0, < 2.0)
      rspec-support (~> 3.9.0)
    rspec-mocks (3.9.1)
      diff-lcs (>= 1.2.0, < 2.0)
      rspec-support (~> 3.9.0)
    rspec-support (3.9.3)
    sequel (5.35.0)
    sequel-seed (1.1.2)
      sequel (>= 4.49.0)
    sequel_pg (1.13.0)
      pg (>= 0.18.0, != 1.2.0)
      sequel (>= 4.38.0)
    sequel_tools (0.1.7)
      sequel

PLATFORMS
  ruby

DEPENDENCIES
  bcrypt (~> 3.1)
  database_cleaner-sequel (~> 1.8)
  jwt (~> 2.2)
  mail (~> 2.7)
  pry (~> 0.13.1)
  rack-test (~> 1.1)
  rake (~> 13.0)
  roda (~> 3.34)
  rodauth!
  rspec (~> 3.9)
  sequel (~> 5.33)
  sequel-seed (~> 1.1)
  sequel_pg (~> 1.13)
  sequel_tools (~> 0.1)

BUNDLED WITH
   2.1.4
